GEM
  remote: http://rubygems.org/
  specs:
    activesupport (3.1.0.rc4)
      multi_json (~> 1.0)
    haml (3.1.2)
    http-request (1.0.3)
    json (1.5.3)
    multi_json (1.0.3)
    nestful (0.0.6)
      activesupport (>= 3.0.0.beta)
    rack (1.3.0)
    roauth (0.0.7)
    sinatra (1.0)
      rack (>= 1.0)
    xml-simple (1.1.0)

PLATFORMS
  ruby

DEPENDENCIES
  haml
  http-request
  json
  nestful
  roauth
  sinatra (= 1.0)
  xml-simple
